GEM
  remote: https://rubygems.org/
  specs:
    byebug (6.0.2)
    coderay (1.1.0)
    djoini (0.1.9)
      iniparse (~> 1.4.1)
      multi_json (~> 1.11.2)
      pg (~> 0.18.3)
    iniparse (1.4.1)
    method_source (0.8.2)
    multi_json (1.11.2)
    pg (0.18.3-x64-mingw32)
    pry (0.10.3)
      coderay (~> 1.1.0)
      method_source (~> 0.8.1)
      slop (~> 3.4)
    rake (10.4.2)
    slop (3.6.0)

PLATFORMS
  x64-mingw32

DEPENDENCIES
  byebug (~> 6.0.2)
  djoini
  pry (~> 0.10.2)
  rake

BUNDLED WITH
   1.10.6
